PATH
  remote: .
  specs:
    flashover (0.0.3)
      redis (>= 3.0.2)

GEM
  remote: http://rubygems.org/
  specs:
    diff-lcs (1.1.3)
    rake (10.0.3)
    redis (3.0.2)
    rspec (2.12.0)
      rspec-core (~> 2.12.0)
      rspec-expectations (~> 2.12.0)
      rspec-mocks (~> 2.12.0)
    rspec-core (2.12.2)
    rspec-expectations (2.12.1)
      diff-lcs (~> 1.1.3)
    rspec-mocks (2.12.2)

PLATFORMS
  ruby

DEPENDENCIES
  flashover!
  rake (>= 10.0.0)
  rspec
